GEM
  remote: https://rubygems.org/
  specs:
    geocoder (1.4.0)

PLATFORMS
  ruby

DEPENDENCIES
  geocoder

BUNDLED WITH
   1.13.1
